GEM
  remote: https://rubygems.org/
  specs:
    mustermann (1.0.2)
    net-http-digest_auth (1.4.1)
    rack (2.0.5)
    rack-protection (2.0.3)
      rack
    sinatra (2.0.3)
      mustermann (~> 1.0)
      rack (~> 2.0)
      rack-protection (= 2.0.3)
      tilt (~> 2.0)
    tilt (2.0.8)

PLATFORMS
  ruby

DEPENDENCIES
  net-http-digest_auth
  sinatra

BUNDLED WITH
   1.16.2
